GEM
  remote: http://rubygems.org/
  remote: https://rails-assets.org/
  specs:
    actionmailer (4.2.0)
      actionpack (= 4.2.0)
      actionview (= 4.2.0)
      activejob (= 4.2.0)
      mail (~> 2.5, >= 2.5.4)
      rails-dom-testing (~> 1.0, >= 1.0.5)
    actionpack (4.2.0)
      actionview (= 4.2.0)
      activesupport (= 4.2.0)
      rack (~> 1.6.0)
      rack-test (~> 0.6.2)
      rails-dom-testing (~> 1.0, >= 1.0.5)
      rails-html-sanitizer (~> 1.0, >= 1.0.1)
    actionview (4.2.0)
      activesupport (= 4.2.0)
      builder (~> 3.1)
      erubis (~> 2.7.0)
      rails-dom-testing (~> 1.0, >= 1.0.5)
      rails-html-sanitizer (~> 1.0, >= 1.0.1)
    active_model_serializers (0.10.0.rc2)
      activemodel (>= 4.0)
    activejob (4.2.0)
      activesupport (= 4.2.0)
      globalid (>= 0.3.0)
    activemodel (4.2.0)
      activesupport (= 4.2.0)
      builder (~> 3.1)
    activerecord (4.2.0)
      activemodel (= 4.2.0)
      activesupport (= 4.2.0)
      arel (~> 6.0)
    activesupport (4.2.0)
      i18n (~> 0.7)
      json (~> 1.7, >= 1.7.7)
      minitest (~> 5.1)
      thread_safe (~> 0.3, >= 0.3.4)
      tzinfo (~> 1.1)
    arel (6.0.0)
    bcrypt (3.1.10)
    better_errors (2.1.1)
      coderay (>= 1.0.0)
      erubis (>= 2.6.6)
      rack (>= 0.9.0)
    binding_of_caller (0.7.2)
      debug_inspector (>= 0.0.1)
    builder (3.2.2)
    climate_control (0.0.3)
      activesupport (>= 3.0)
    cocaine (0.5.7)
      climate_control (>= 0.0.3, < 1.0)
    coderay (1.1.0)
    coffee-rails (4.1.0)
      coffee-script (>= 2.2.0)
      railties (>= 4.0.0, < 5.0)
    coffee-script (2.4.1)
      coffee-script-source
      execjs
    coffee-script-source (1.9.1.1)
    debug_inspector (0.0.2)
    devise (3.4.1)
      bcrypt (~> 3.0)
      orm_adapter (~> 0.1)
      railties (>= 3.2.6, < 5)
      responders
      thread_safe (~> 0.1)
      warden (~> 1.2.3)
    erubis (2.7.0)
    execjs (2.5.2)
    globalid (0.3.5)
      activesupport (>= 4.1.0)
    i18n (0.7.0)
    its-it (1.1.1)
    jbuilder (2.2.13)
      activesupport (>= 3.0.0, < 5)
      multi_json (~> 1.2)
    json (1.8.2)
    key_struct (0.4.2)
    loofah (2.0.2)
      nokogiri (>= 1.5.9)
    mail (2.6.3)
      mime-types (>= 1.16, < 3)
    mime-types (2.5)
    mini_portile (0.6.2)
    minitest (5.6.1)
    modware (0.1.2)
      its-it
      key_struct (~> 0.4)
    multi_json (1.11.0)
    nokogiri (1.6.6.2)
      mini_portile (~> 0.6.0)
    orm_adapter (0.5.0)
    paperclip (4.2.1)
      activemodel (>= 3.0.0)
      activesupport (>= 3.0.0)
      cocaine (~> 0.5.3)
      mime-types
    passenger (5.0.7)
      rack
      rake (>= 0.8.1)
    pg (0.18.2)
    quiet_assets (1.1.0)
      railties (>= 3.1, < 5.0)
    rack (1.6.1)
    rack-test (0.6.3)
      rack (>= 1.0)
    rails (4.2.0)
      actionmailer (= 4.2.0)
      actionpack (= 4.2.0)
      actionview (= 4.2.0)
      activejob (= 4.2.0)
      activemodel (= 4.2.0)
      activerecord (= 4.2.0)
      activesupport (= 4.2.0)
      bundler (>= 1.3.0, < 2.0)
      railties (= 4.2.0)
      sprockets-rails
    rails-assets-angular (1.4.1)
    rails-assets-angular-resource (1.4.1)
      rails-assets-angular (= 1.4.1)
    rails-assets-angular-route (1.4.1)
      rails-assets-angular (= 1.4.1)
    rails-assets-bootstrap (3.3.5)
      rails-assets-jquery (>= 1.9.1)
    rails-assets-jquery (2.1.4)
    rails-assets-pure (0.6.0)
    rails-deprecated_sanitizer (1.0.3)
      activesupport (>= 4.2.0.alpha)
    rails-dom-testing (1.0.6)
      activesupport (>= 4.2.0.beta, < 5.0)
      nokogiri (~> 1.6.0)
      rails-deprecated_sanitizer (>= 1.0.1)
    rails-html-sanitizer (1.0.2)
      loofah (~> 2.0)
    rails_12factor (0.0.3)
      rails_serve_static_assets
      rails_stdout_logging
    rails_layout (1.0.25)
    rails_serve_static_assets (0.0.4)
    rails_stdout_logging (0.0.3)
    railties (4.2.0)
      actionpack (= 4.2.0)
      activesupport (= 4.2.0)
      rake (>= 0.8.7)
      thor (>= 0.18.1, < 2.0)
    rake (10.4.2)
    rdoc (4.2.0)
    redis (3.2.1)
    responders (2.1.0)
      railties (>= 4.2.0, < 5)
    sass (3.4.13)
    sass-rails (5.0.3)
      railties (>= 4.0.0, < 5.0)
      sass (~> 3.1)
      sprockets (>= 2.8, < 4.0)
      sprockets-rails (>= 2.0, < 4.0)
      tilt (~> 1.1)
    schema_auto_foreign_keys (0.1.0)
      schema_plus_foreign_keys (~> 0.1)
      schema_plus_indexes (~> 0.2)
    schema_monkey (2.1.0)
      activerecord (~> 4.2)
      its-it
      modware (~> 0.1)
    schema_plus (2.0.0)
      activerecord (~> 4.2)
      schema_auto_foreign_keys (~> 0.1)
      schema_monkey (~> 2.1)
      schema_plus_columns (~> 0.1)
      schema_plus_core (~> 0.4)
      schema_plus_db_default (~> 0.1)
      schema_plus_default_expr (~> 0.1)
      schema_plus_enums (~> 0.1)
      schema_plus_foreign_keys (~> 0.1)
      schema_plus_indexes (~> 0.1, >= 0.1.3)
      schema_plus_pg_indexes (~> 0.1, >= 0.1.3)
      schema_plus_tables (~> 0.1)
      schema_plus_views (~> 0.1)
    schema_plus_columns (0.1.0)
      activerecord (~> 4.2)
      schema_plus_indexes (~> 0.1)
    schema_plus_core (0.5.0)
      activerecord (~> 4.2)
      schema_monkey (~> 2.1)
    schema_plus_db_default (0.1.0)
      activerecord (~> 4.2)
      schema_plus_core (~> 0.2, >= 0.2.1)
    schema_plus_default_expr (0.1.0)
      activerecord (~> 4.2)
      schema_plus_core (~> 0.2, >= 0.2.1)
    schema_plus_enums (0.1.0)
      activerecord (~> 4.2)
      schema_plus_core (~> 0.2, >= 0.2.1)
    schema_plus_foreign_keys (0.1.2)
      activerecord (~> 4.2)
      schema_plus_core (~> 0.5)
      valuable
    schema_plus_indexes (0.2.0)
      activerecord (~> 4.2)
      schema_plus_core (~> 0.1)
    schema_plus_pg_indexes (0.1.4)
      activerecord (~> 4.2)
      schema_plus_indexes (~> 0.1, >= 0.1.3)
    schema_plus_tables (0.1.0)
      activerecord (~> 4.2)
      schema_plus_core (~> 0.2)
    schema_plus_views (0.2.3)
      activerecord (~> 4.2)
      schema_plus_core (~> 0.1)
    sdoc (0.4.1)
      json (~> 1.7, >= 1.7.7)
      rdoc (~> 4.0)
    sprockets (3.1.0)
      rack (~> 1.0)
    sprockets-rails (2.3.1)
      actionpack (>= 3.0)
      activesupport (>= 3.0)
      sprockets (>= 2.8, < 4.0)
    thor (0.19.1)
    thread_safe (0.3.5)
    tilt (1.4.1)
    turbolinks (2.5.3)
      coffee-rails
    tzinfo (1.2.2)
      thread_safe (~> 0.1)
    uglifier (2.7.1)
      execjs (>= 0.3.0)
      json (>= 1.8.0)
    valuable (0.9.9)
    warden (1.2.3)
      rack (>= 1.0)

PLATFORMS
  ruby

DEPENDENCIES
  active_model_serializers (~> 0.10.0.rc2)
  better_errors
  binding_of_caller
  coffee-rails
  devise
  jbuilder (~> 2.2.11)
  paperclip
  passenger
  pg
  quiet_assets
  rails (= 4.2.0)
  rails-assets-angular (~> 1.4.1)!
  rails-assets-angular-resource (~> 1.4.1)!
  rails-assets-angular-route (~> 1.4.1)!
  rails-assets-bootstrap (~> 3.3.5)!
  rails-assets-pure (~> 0.6.0)!
  rails_12factor
  rails_layout
  redis
  sass-rails (~> 5.0.3)
  schema_plus
  sdoc (~> 0.4.1)
  sprockets
  turbolinks
  uglifier (>= 1.3.0)
